GEM
  remote: http://rubygems.org/
  specs:
    addressable (2.2.6)
    crack (0.1.8)
    diff-lcs (1.1.2)
    grit (2.0.0)
      diff-lcs (>= 1.1.2)
      mime-types (>= 1.15)
    httparty (0.6.1)
      crack (= 0.1.8)
    launchy (2.0.5)
      addressable (~> 2.2.6)
    mime-types (1.16)
    rspec (2.5.0)
      rspec-core (~> 2.5.0)
      rspec-expectations (~> 2.5.0)
      rspec-mocks (~> 2.5.0)
    rspec-core (2.5.1)
    rspec-expectations (2.5.0)
      diff-lcs (~> 1.1.2)
    rspec-mocks (2.5.0)

PLATFORMS
  ruby

DEPENDENCIES
  grit (>= 2.0.0)
  httparty (>= 0.6.1)
  launchy (>= 0.3.7)
  rspec (>= 2.0.0)
